GEM
  remote: https://rubygems.org/
  specs:
    awrence (1.1.0)
    backports (3.15.0)
    byebug (11.0.1)
    multi_json (1.14.1)
    mustermann (1.0.3)
    nio4r (2.5.2)
    plissken (1.3.0)
    puma (4.3.0)
      nio4r (~> 2.0)
    rack (2.0.7)
    rack-parser (0.7.0)
      rack
    rack-protection (2.0.7)
      rack
    sinatra (2.0.7)
      mustermann (~> 1.0)
      rack (~> 2.0)
      rack-protection (= 2.0.7)
      tilt (~> 2.0)
    sinatra-contrib (2.0.7)
      backports (>= 2.8.2)
      multi_json
      mustermann (~> 1.0)
      rack-protection (= 2.0.7)
      sinatra (= 2.0.7)
      tilt (~> 2.0)
    sinatra-cross_origin (0.4.0)
    tilt (2.0.10)

PLATFORMS
  ruby

DEPENDENCIES
  awrence
  byebug
  plissken
  puma
  rack
  rack-parser
  sinatra
  sinatra-contrib
  sinatra-cross_origin

BUNDLED WITH
   1.17.1
